GEM
  remote: https://rubygems.org/
  specs:
    aqueductron (0.0.1)

PLATFORMS
  ruby

DEPENDENCIES
  aqueductron
